GEM
  remote: http://rubygems.org/
  remote: http://rubygems.org/
  remote: http://rubygems.org/
  remote: http://gems.rubyforge.org/
  remote: http://rubygems.org/
  remote: http://gemcutter.org/
  remote: http://gems.github.com/
  specs:
    autotest-fsevent (0.2.3)
      sys-uname
    autotest-growl (0.2.5)
    builder (2.1.2)
    commander (4.0.3)
      highline (>= 1.5.0)
    cucumber (0.8.5)
      builder (~> 2.1.2)
      diff-lcs (~> 1.1.2)
      gherkin (~> 2.1.4)
      json_pure (~> 1.4.3)
      term-ansicolor (~> 1.0.4)
    diff-lcs (1.1.2)
    gherkin (2.1.5)
      trollop (~> 1.16.2)
    highline (1.6.1)
    json_pure (1.4.6)
    rspec (1.3.0)
    rufus-tokyo (1.0.7)
    sys-uname (0.8.4)
    term-ansicolor (1.0.5)
    trollop (1.16.2)

PLATFORMS
  ruby

DEPENDENCIES
  autotest-fsevent
  autotest-growl
  commander
  cucumber
  rspec
  rufus-tokyo
